PATH
  remote: .
  specs:
    orbacle (0.2.1)
      lsp-protocol (= 0.0.7)
      parser (~> 2.6.0)
      priority_queue_cxx
      rgl (~> 0.5.3)
      rubytree (~> 0.9.7)

GEM
  remote: https://rubygems.org/
  specs:
    ast (2.4.2)
    byebug (11.1.3)
    diff-lcs (1.5.0)
    hash_diff (0.6.3)
    json (1.8.6)
    lsp-protocol (0.0.7)
    pairing_heap (3.0.1)
    parser (2.6.5.0)
      ast (~> 2.4.0)
    priority_queue_cxx (0.3.6)
    rexml (3.2.6)
    rgl (0.5.10)
      pairing_heap (>= 0.3.0)
      rexml (~> 3.2, >= 3.2.4)
      stream (~> 0.5.3)
    rspec (3.12.0)
      rspec-core (~> 3.12.0)
      rspec-expectations (~> 3.12.0)
      rspec-mocks (~> 3.12.0)
    rspec-core (3.12.2)
      rspec-support (~> 3.12.0)
    rspec-expectations (3.12.3)
      diff-lcs (>= 1.2.0, < 2.0)
      rspec-support (~> 3.12.0)
    rspec-mocks (3.12.6)
      diff-lcs (>= 1.2.0, < 2.0)
      rspec-support (~> 3.12.0)
    rspec-support (3.12.1)
    rubytree (0.9.7)
      json (~> 1.8)
      structured_warnings (~> 0.2)
    stream (0.5.5)
    structured_warnings (0.4.0)

PLATFORMS
  ruby

DEPENDENCIES
  bundler (~> 2.0)
  byebug
  hash_diff (~> 0.6.2)
  orbacle!
  rspec

BUNDLED WITH
   2.1.4
